GEM
  specs:
    mini_magick (4.9.5)

PLATFORMS
  ruby

DEPENDENCIES
  mini_magick

RUBY VERSION
   ruby 2.6.5p114

BUNDLED WITH
   2.0.2
